GEM
  remote: http://rubygems.org/
  specs:
    rack (1.2.1)
    sinatra (1.1.2)
      rack (~> 1.1)
      tilt (~> 1.2)
    slim (0.8.3)
      temple (~> 0.1.6)
      tilt (~> 1.1)
    temple (0.1.6)
    tilt (1.2.2)

PLATFORMS
  ruby

DEPENDENCIES
  sinatra
  slim
